GEM
  remote: https://rubygems.org/
  specs:
    coderay (1.1.2)
    ffi (1.11.3)
    method_source (0.9.2)
    mini_magick (4.10.1)
    multi_json (1.14.1)
    onnxruntime (0.2.2)
      ffi
    pry (0.12.2)
      coderay (~> 1.1.0)
      method_source (~> 0.9.0)
    streamio-ffmpeg (3.0.2)
      multi_json (~> 1.8)

PLATFORMS
  ruby

DEPENDENCIES
  mini_magick
  onnxruntime
  pry
  streamio-ffmpeg

BUNDLED WITH
   2.0.2
